GIT
  remote: git://github.com/alexreisner/geocoder.git
  revision: bb2d338afcdffc3a1244aa3637026c7a04148fde
  ref: bb2d338afc
  specs:
    geocoder (1.1.8)

GEM
  remote: https://rubygems.org/
  specs:
    actionmailer (3.2.13)
      actionpack (= 3.2.13)
      mail (~> 2.5.3)
    actionpack (3.2.13)
      activemodel (= 3.2.13)
      activesupport (= 3.2.13)
      builder (~> 3.0.0)
      erubis (~> 2.7.0)
      journey (~> 1.0.4)
      rack (~> 1.4.5)
      rack-cache (~> 1.2)
      rack-test (~> 0.6.1)
      sprockets (~> 2.2.1)
    activemodel (3.2.13)
      activesupport (= 3.2.13)
      builder (~> 3.0.0)
    activerecord (3.2.13)
      activemodel (= 3.2.13)
      activesupport (= 3.2.13)
      arel (~> 3.0.2)
      tzinfo (~> 0.3.29)
    activeresource (3.2.13)
      activemodel (= 3.2.13)
      activesupport (= 3.2.13)
    activesupport (3.2.13)
      i18n (= 0.6.1)
      multi_json (~> 1.0)
    api-pagination (1.1.1)
    api_smith (1.3.0)
      hashie (>= 1.0, < 3.0)
      httparty
    area (0.10.0)
      fastercsv (~> 1.5)
    arel (3.0.2)
    arrayfields (4.7.4)
    attribute_normalizer (1.1.0)
    awesome_print (1.1.0)
    bcrypt-ruby (3.1.1)
    better_errors (0.9.0)
      coderay (>= 1.0.0)
      erubis (>= 2.6.6)
    binding_of_caller (0.7.2)
      debug_inspector (>= 0.0.1)
    bluff (0.1.0)
    bootstrap-sass (2.3.2.1)
      sass (~> 3.2)
    builder (3.0.4)
    bullet (4.6.0)
      uniform_notifier
    cancan (1.6.10)
    cane (2.5.2)
      parallel
    capybara (2.1.0)
      mime-types (>= 1.16)
      nokogiri (>= 1.3.3)
      rack (>= 1.0.0)
      rack-test (>= 0.5.4)
      xpath (~> 2.0)
    chronic (0.9.1)
    churn (0.0.28)
      chronic (>= 0.2.3)
      hirb
      json_pure
      main
      ruby_parser (~> 3.0)
      sexp_processor (~> 4.1)
    code_analyzer (0.3.2)
      sexp_processor
    coderay (1.0.9)
    coffee-rails (3.2.2)
      coffee-script (>= 2.2.0)
      railties (~> 3.2.0)
    coffee-script (2.2.0)
      coffee-script-source
      execjs
    coffee-script-source (1.6.3)
    colored (1.2)
    colorize (0.5.8)
    coveralls (0.6.7)
      colorize
      multi_json (~> 1.3)
      rest-client
      simplecov (>= 0.7)
      thor
    database_cleaner (1.0.1)
    debug_inspector (0.0.2)
    devise (3.0.0)
      bcrypt-ruby (~> 3.0)
      orm_adapter (~> 0.1)
      railties (>= 3.2.6, < 5)
      warden (~> 1.2.3)
    diff-lcs (1.2.4)
    enumerize (0.6.1)
      activesupport (>= 3.2)
    erubis (2.7.0)
    execjs (1.4.0)
      multi_json (~> 1.0)
    factory_girl (4.2.0)
      activesupport (>= 3.0.0)
    factory_girl_rails (4.2.1)
      factory_girl (~> 4.2.0)
      railties (>= 3.0.0)
    fast-stemmer (1.0.2)
    fastercsv (1.5.5)
    fattr (2.2.1)
    figaro (0.7.0)
      bundler (~> 1.0)
      rails (>= 3, < 5)
    flay (2.0.1)
      ruby_parser (~> 3.0)
      sexp_processor (~> 4.0)
    flog (3.2.2)
      ruby_parser (~> 3.1, > 3.1.0)
      sexp_processor (~> 4.0)
    font-awesome-rails (3.2.1.2)
      railties (>= 3.2, < 5.0)
    haml (4.0.3)
      tilt
    haml-rails (0.4)
      actionpack (>= 3.1, < 4.1)
      activesupport (>= 3.1, < 4.1)
      haml (>= 3.1, < 4.1)
      railties (>= 3.1, < 4.1)
    hashie (1.2.0)
    hike (1.2.3)
    hirb (0.7.1)
    hooks (0.3.1)
    httparty (0.11.0)
      multi_json (~> 1.0)
      multi_xml (>= 0.5.2)
    i18n (0.6.1)
    japgolly-Saikuro (1.1.1.0)
    journey (1.0.4)
    jquery-rails (3.0.4)
      railties (>= 3.0, < 5.0)
      thor (>= 0.14, < 2.0)
    jquery-ui-rails (3.0.1)
      jquery-rails
      railties (>= 3.1.0)
    json (1.8.0)
    json_pure (1.8.0)
    kaminari (0.14.1)
      actionpack (>= 3.0.0)
      activesupport (>= 3.0.0)
    kgio (2.8.0)
    mail (2.5.4)
      mime-types (~> 1.16)
      treetop (~> 1.4.8)
    main (5.2.0)
      arrayfields (>= 4.7.4)
      chronic (>= 0.6.2)
      fattr (>= 2.2.0)
      map (>= 5.1.0)
    map (6.2.0)
    metric_fu (4.2.1)
      arrayfields (= 4.7.4)
      bluff
      cane (= 2.5.2)
      churn (= 0.0.28)
      coderay
      fattr (= 2.2.1)
      flay (= 2.0.1)
      flog (= 3.2.2)
      japgolly-Saikuro (>= 1.1.1.0)
      map (= 6.2.0)
      metric_fu-roodi (>= 2.2.1)
      multi_json
      parallel (= 0.6.2)
      rails_best_practices (= 1.13.2)
      redcard
      reek (= 1.3.1)
      ruby2ruby (~> 2.0, >= 2.0.2)
      ruby_parser (~> 3.0, >= 3.1.1)
      sexp_processor (~> 4.0)
    metric_fu-roodi (2.2.1)
      ruby_parser
    mime-types (1.23)
    mini_portile (0.5.1)
    moneta (0.7.19)
    mongoid (3.1.4)
      activemodel (~> 3.2)
      moped (~> 1.4)
      origin (~> 1.0)
      tzinfo (~> 0.3.22)
    mongoid-rspec (1.8.2)
      mongoid (>= 3.0.1)
      rake
      rspec (>= 2.9)
    mongoid_search (0.3.2)
      fast-stemmer (~> 1.0.0)
      mongoid (>= 3.0.0)
    moped (1.5.0)
    multi_json (1.7.7)
    multi_xml (0.5.4)
    nested_form (0.3.2)
    newrelic_rpm (3.6.5.130)
    nokogiri (1.6.0)
      mini_portile (~> 0.5.0)
    origin (1.1.0)
    orm_adapter (0.4.0)
    parallel (0.6.2)
    polyglot (0.3.3)
    progressbar (0.20.0)
    quiet_assets (1.0.2)
      railties (>= 3.1, < 5.0)
    rack (1.4.5)
    rack-cache (1.2)
      rack (>= 0.4)
    rack-cors (0.2.8)
      rack
    rack-pjax (0.7.0)
      nokogiri (~> 1.5)
      rack (~> 1.3)
    rack-ssl (1.3.3)
      rack
    rack-test (0.6.2)
      rack (>= 1.0)
    rack-throttle (0.3.0)
      rack (>= 1.0.0)
    rack-timeout (0.0.4)
    rails (3.2.13)
      actionmailer (= 3.2.13)
      actionpack (= 3.2.13)
      activerecord (= 3.2.13)
      activeresource (= 3.2.13)
      activesupport (= 3.2.13)
      bundler (~> 1.0)
      railties (= 3.2.13)
    rails_admin (0.4.9)
      bootstrap-sass (~> 2.2)
      builder (~> 3.0)
      coffee-rails (>= 3.1, < 5)
      font-awesome-rails (~> 3.0)
      haml (~> 4.0)
      jquery-rails (>= 2.1, < 4)
      jquery-ui-rails (~> 3.0)
      kaminari (~> 0.14)
      nested_form (~> 0.3)
      rack-pjax (~> 0.6)
      rails (~> 3.1)
      remotipart (~> 1.0)
      safe_yaml (~> 0.6)
      sass-rails (~> 3.1)
    rails_best_practices (1.13.2)
      activesupport
      awesome_print
      code_analyzer
      colored
      erubis
      i18n
      progressbar
    railties (3.2.13)
      actionpack (= 3.2.13)
      activesupport (= 3.2.13)
      rack-ssl (~> 1.3.2)
      rake (>= 0.8.7)
      rdoc (~> 3.4)
      thor (>= 0.14.6, < 2.0)
    raindrops (0.11.0)
    rake (10.1.0)
    rdoc (3.12.2)
      json (~> 1.4)
    redcard (1.1.0)
    redis (3.0.4)
    reek (1.3.1)
      ruby2ruby (~> 2.0.2)
      ruby_parser (~> 3.1.1)
      sexp_processor
    remotipart (1.2.1)
    representable (1.5.3)
      multi_json
      nokogiri
    rest-client (1.6.7)
      mime-types (>= 1.16)
    roar (0.11.19)
      representable (~> 1.5.3)
    roar-rails (0.1.1)
      actionpack
      hooks
      railties (>= 3.0.0)
      roar (~> 0.11.13)
      test_xml (>= 0.1.6)
    rocket_pants (1.7.0)
      actionpack (>= 3.0, < 5.0)
      api_smith
      hashie (~> 1.0)
      moneta
      railties (>= 3.0, < 5.0)
      will_paginate (~> 3.0)
    rspec (2.14.0)
      rspec-core (~> 2.14.0)
      rspec-expectations (~> 2.14.0)
      rspec-mocks (~> 2.14.0)
    rspec-core (2.14.2)
    rspec-expectations (2.14.0)
      diff-lcs (>= 1.1.3, < 2.0)
    rspec-mocks (2.14.1)
    rspec-rails (2.14.0)
      actionpack (>= 3.0)
      activesupport (>= 3.0)
      railties (>= 3.0)
      rspec-core (~> 2.14.0)
      rspec-expectations (~> 2.14.0)
      rspec-mocks (~> 2.14.0)
    ruby2ruby (2.0.6)
      ruby_parser (~> 3.1)
      sexp_processor (~> 4.0)
    ruby_parser (3.1.3)
      sexp_processor (~> 4.1)
    safe_yaml (0.9.4)
    sass (3.2.9)
    sass-rails (3.2.6)
      railties (~> 3.2.0)
      sass (>= 3.1.10)
      tilt (~> 1.3)
    sexp_processor (4.2.1)
    simplecov (0.7.1)
      multi_json (~> 1.0)
      simplecov-html (~> 0.7.1)
    simplecov-html (0.7.1)
    sprockets (2.2.2)
      hike (~> 1.2)
      multi_json (~> 1.0)
      rack (~> 1.0)
      tilt (~> 1.1, != 1.3.0)
    test_xml (0.1.6)
      nokogiri (>= 1.3.2)
    thor (0.18.1)
    tilt (1.4.1)
    treetop (1.4.14)
      polyglot
      polyglot (>= 0.3.1)
    tzinfo (0.3.37)
    uglifier (2.1.2)
      execjs (>= 0.3.0)
      multi_json (~> 1.0, >= 1.0.2)
    unicorn (4.6.3)
      kgio (~> 2.6)
      rack
      raindrops (~> 0.7)
    uniform_notifier (1.2.0)
    validates_formatting_of (0.8.0)
      activemodel (~> 3.0)
    warden (1.2.3)
      rack (>= 1.0)
    will_paginate (3.0.4)
    xpath (2.0.0)
      nokogiri (~> 1.3)

PLATFORMS
  ruby

DEPENDENCIES
  api-pagination
  area
  attribute_normalizer
  better_errors (>= 0.7.2)
  binding_of_caller (>= 0.7.1)
  bootstrap-sass
  bullet
  cancan
  capybara
  coffee-rails (~> 3.2.1)
  coveralls
  database_cleaner (>= 1.0.0.RC1)
  devise
  enumerize
  factory_girl_rails (>= 4.2.0)
  figaro
  geocoder!
  haml-rails (>= 0.4)
  jquery-rails
  kaminari
  metric_fu
  mongoid (>= 3.1.2)
  mongoid-rspec (>= 1.7.0)
  mongoid_search
  newrelic_rpm
  quiet_assets (>= 1.0.2)
  rack-cors
  rack-throttle
  rack-timeout
  rails (= 3.2.13)
  rails_admin
  redis
  roar-rails
  rocket_pants (~> 1.0)
  rspec-rails (>= 2.12.2)
  sass-rails (~> 3.2.3)
  uglifier (>= 1.0.3)
  unicorn (>= 4.3.1)
  validates_formatting_of
